GEM
  remote: http://rubygems.org/
  specs:
    cri (2.2.1)
    mime-types (1.19)
    nanoc (3.3.6)
      cri (~> 2.2)
    rack (1.4.1)

PLATFORMS
  ruby

DEPENDENCIES
  mime-types
  nanoc
  rack
